PATH
  remote: .
  specs:
    story_key (0.1.0)
      activesupport
      base58
      dry-initializer
      indefinite_article
      remedy
      thor

GEM
  remote: https://rubygems.org/
  specs:
    activesupport (7.0.2.3)
      concurrent-ruby (~> 1.0, >= 1.0.2)
      i18n (>= 1.6, < 2)
      minitest (>= 5.1)
      tzinfo (~> 2.0)
    ast (2.4.2)
    base58 (0.2.3)
    coderay (1.1.3)
    concurrent-ruby (1.1.10)
    diff-lcs (1.5.0)
    dry-initializer (3.1.1)
    i18n (1.10.0)
      concurrent-ruby (~> 1.0)
    indefinite_article (0.2.4)
      activesupport
    method_source (1.0.0)
    minitest (5.15.0)
    parallel (1.22.1)
    parser (3.1.1.0)
      ast (~> 2.4.1)
    pry (0.14.1)
      coderay (~> 1.1)
      method_source (~> 1.0)
    rainbow (3.1.1)
    regexp_parser (2.2.1)
    remedy (0.3.0)
    rexml (3.2.5)
    rspec (3.11.0)
      rspec-core (~> 3.11.0)
      rspec-expectations (~> 3.11.0)
      rspec-mocks (~> 3.11.0)
    rspec-core (3.11.0)
      rspec-support (~> 3.11.0)
    rspec-expectations (3.11.0)
      diff-lcs (>= 1.2.0, < 2.0)
      rspec-support (~> 3.11.0)
    rspec-mocks (3.11.0)
      diff-lcs (>= 1.2.0, < 2.0)
      rspec-support (~> 3.11.0)
    rspec-support (3.11.0)
    rubocop (1.26.1)
      parallel (~> 1.10)
      parser (>= 3.1.0.0)
      rainbow (>= 2.2.2, < 4.0)
      regexp_parser (>= 1.8, < 3.0)
      rexml
      rubocop-ast (>= 1.16.0, < 2.0)
      ruby-progressbar (~> 1.7)
      unicode-display_width (>= 1.4.0, < 3.0)
    rubocop-ast (1.16.0)
      parser (>= 3.1.1.0)
    rubocop-performance (1.13.3)
      rubocop (>= 1.7.0, < 2.0)
      rubocop-ast (>= 0.4.0)
    rubocop-rspec (2.9.0)
      rubocop (~> 1.19)
    ruby-progressbar (1.11.0)
    thor (1.2.1)
    tzinfo (2.0.4)
      concurrent-ruby (~> 1.0)
    unicode-display_width (2.1.0)

PLATFORMS
  arm64-darwin-21

DEPENDENCIES
  pry
  rspec
  rubocop
  rubocop-performance
  rubocop-rspec
  story_key!

BUNDLED WITH
   2.3.7
